GEM
  specs:
    activesupport (4.0.2)
      i18n (~> 0.6, >= 0.6.4)
      minitest (~> 4.2)
      multi_json (~> 1.3)
      thread_safe (~> 0.1)
      tzinfo (~> 0.3.37)
    atomic (1.1.14)
    chronic (0.10.2)
    clockwork (0.7.0)
      activesupport
      tzinfo (~> 0.3.35)
    gosu (0.7.50)
    i18n (0.6.9)
    minitest (4.7.5)
    multi_json (1.8.4)
    thread_safe (0.1.3)
      atomic
    tzinfo (0.3.38)

PLATFORMS
  ruby

DEPENDENCIES
  chronic
  clockwork
  gosu
